GEM
  remote: http://rubygems.org/
  specs:
    builder (3.2.2)
    childprocess (0.4.0)
      ffi (~> 1.0, >= 1.0.11)
    commonwatir (4.0.0)
    cucumber (1.3.10)
      builder (>= 2.1.2)
      diff-lcs (>= 1.1.3)
      gherkin (~> 2.12)
      multi_json (>= 1.7.5, < 2.0)
      multi_test (>= 0.0.2)
    diff-lcs (1.2.5)
    ffi (1.9.3)
    gherkin (2.12.2)
      multi_json (~> 1.3)
    headless (1.0.1)
    multi_json (1.8.4)
    multi_test (0.0.3)
    rspec (2.14.1)
      rspec-core (~> 2.14.0)
      rspec-expectations (~> 2.14.0)
      rspec-mocks (~> 2.14.0)
    rspec-core (2.14.7)
    rspec-expectations (2.14.5)
      diff-lcs (>= 1.1.3, < 2.0)
    rspec-mocks (2.14.5)
    rubyzip (1.1.0)
    selenium-webdriver (2.39.0)
      childprocess (>= 0.2.5)
      multi_json (~> 1.0)
      rubyzip (~> 1.0)
      websocket (~> 1.0.4)
    watir (5.0.0)
      commonwatir (~> 4)
      watir-webdriver
    watir-webdriver (0.6.7)
      selenium-webdriver (>= 2.18.0)
    websocket (1.0.7)

PLATFORMS
  ruby

DEPENDENCIES
  cucumber
  headless
  rspec
  watir
  watir-webdriver
